PATH
  remote: .
  specs:
    xliffle (0.2.2)
      builder (~> 3.2)

GEM
  remote: https://rubygems.org/
  specs:
    ansi (1.5.0)
    ast (2.3.0)
    builder (3.2.3)
    coderay (1.1.1)
    diff-lcs (1.3)
    method_source (0.8.2)
    oga (0.3.4)
      ast
      ruby-ll (~> 2.1)
    pry (0.10.4)
      coderay (~> 1.1.0)
      method_source (~> 0.8.1)
      slop (~> 3.4)
    rspec (3.5.0)
      rspec-core (~> 3.5.0)
      rspec-expectations (~> 3.5.0)
      rspec-mocks (~> 3.5.0)
    rspec-core (3.5.4)
      rspec-support (~> 3.5.0)
    rspec-expectations (3.5.0)
      diff-lcs (>= 1.2.0, < 2.0)
      rspec-support (~> 3.5.0)
    rspec-mocks (3.5.0)
      diff-lcs (>= 1.2.0, < 2.0)
      rspec-support (~> 3.5.0)
    rspec-support (3.5.0)
    ruby-ll (2.1.2)
      ansi
      ast
    slop (3.6.0)

PLATFORMS
  ruby

DEPENDENCIES
  oga (~> 0.2)
  pry (~> 0.9)
  rspec (~> 3)
  xliffle!

BUNDLED WITH
   1.13.7
